PATH
  remote: .
  specs:
    webpack_native (0.1.6)

GEM
  remote: https://rubygems.org/
  specs:
    rake (12.3.3)

PLATFORMS
  ruby

DEPENDENCIES
  rake (~> 12.0)
  webpack_native!

BUNDLED WITH
   2.1.2
